PATH
  remote: .
  specs:
    rupture (0.1.0)
      hamster

GEM
  remote: https://rubygems.org/
  specs:
    hamster (0.4.2)
    metaclass (0.0.1)
    mocha (0.11.4)
      metaclass (~> 0.0.1)
    multi_json (1.3.6)
    shoulda (3.0.1)
      shoulda-context (~> 1.0.0)
      shoulda-matchers (~> 1.0.0)
    shoulda-context (1.0.0)
    shoulda-matchers (1.0.0)
    simplecov (0.6.4)
      multi_json (~> 1.0)
      simplecov-html (~> 0.5.3)
    simplecov-html (0.5.3)

PLATFORMS
  ruby

DEPENDENCIES
  bundler
  mocha
  rupture!
  shoulda
  simplecov
